GEM
  remote: https://rubygems.org/
  specs:
    analysand (3.0.1)
      celluloid (~> 0.15.0)
      celluloid-io
      http_parser.rb
      json
      json-stream
      net-http-persistent
      rack
      yajl-ruby
    celluloid (0.15.2)
      timers (~> 1.1.0)
    celluloid-io (0.15.0)
      celluloid (>= 0.15.0)
      nio4r (>= 0.5.0)
    ffi (1.11.1)
    ffi-rzmq (2.0.1)
      ffi-rzmq-core (>= 1.0.1)
    ffi-rzmq-core (1.0.3)
      ffi (~> 1.9)
    hiredis (0.5.2)
    http_parser.rb (0.6.0)
    json (2.0.2)
    json-stream (0.1.3)
    net-http-persistent (2.9.4)
    nio4r (1.1.0)
    rack (1.5.2)
    redis (3.1.0)
    timers (1.1.0)
    trollop (2.0)
    yajl-ruby (1.2.1)

PLATFORMS
  ruby

DEPENDENCIES
  analysand (~> 3.0.1)
  ffi-rzmq
  hiredis
  redis
  trollop
  yajl-ruby

BUNDLED WITH
   1.13.4
